GEM
  remote: http://rubygems.org/
  specs:
    algolia_html_extractor (2.6.4)
      json (~> 2.0)
      nokogiri (~> 1.10)
    citrus (3.0.2)
    json (2.6.2)
    mini_portile2 (2.8.0)
    nokogiri (1.13.6)
      mini_portile2 (~> 2.8.0)
      racc (~> 1.4)
    racc (1.6.0)
    toml-rb (2.1.2)
      citrus (~> 3.0, > 3.0)

PLATFORMS
  ruby

DEPENDENCIES
  algolia_html_extractor (~> 2.0)
  toml-rb (~> 2.0)

BUNDLED WITH
   2.0.2
